GEM
  remote: http://rubygems.org/
  specs:
    diff-lcs (1.1.3)
    git (1.2.5)
    jeweler (1.6.4)
      bundler (~> 1.0)
      git (>= 1.2.5)
      rake
    mysql (2.8.1)
    rake (0.9.2.2)
    rcov (0.9.11)
    rdoc (2.4.3)
    rspec (2.3.0)
      rspec-core (~> 2.3.0)
      rspec-expectations (~> 2.3.0)
      rspec-mocks (~> 2.3.0)
    rspec-core (2.3.1)
    rspec-expectations (2.3.0)
      diff-lcs (~> 1.1.2)
    rspec-mocks (2.3.0)
    sequel (3.28.0)
    sequel_migration_builder (0.3.1)
      sequel (>= 3.20.0)

PLATFORMS
  ruby

DEPENDENCIES
  bundler (~> 1.0.0)
  jeweler (~> 1.6.4)
  mysql (= 2.8.1)
  rcov
  rdoc (~> 2.4.2)
  rspec (~> 2.3.0)
  sequel_migration_builder (~> 0.3.0)
